GIT
  remote: https://github.com/bugsnag/maze-runner
  revision: d428ca70d0afee8408abb9f7eae9c484bf73a803
  specs:
    bugsnag-maze-runner (1.0.0)
      cucumber (~> 3.1.0)
      cucumber-expressions (= 5.0.15)
      minitest (~> 5.0)
      rack (~> 2.0.0)
      test-unit (~> 3.2.0)

GEM
  remote: https://rubygems.org/
  specs:
    backports (3.11.3)
    builder (3.2.3)
    cucumber (3.1.0)
      builder (>= 2.1.2)
      cucumber-core (~> 3.1.0)
      cucumber-expressions (~> 5.0.4)
      cucumber-wire (~> 0.0.1)
      diff-lcs (~> 1.3)
      gherkin (~> 5.0)
      multi_json (>= 1.7.5, < 2.0)
      multi_test (>= 0.1.2)
    cucumber-core (3.1.0)
      backports (>= 3.8.0)
      cucumber-tag_expressions (~> 1.1.0)
      gherkin (>= 5.0.0)
    cucumber-expressions (5.0.15)
    cucumber-tag_expressions (1.1.1)
    cucumber-wire (0.0.1)
    diff-lcs (1.3)
    gherkin (5.0.0)
    httparty (0.16.2)
      multi_xml (>= 0.5.2)
    minitest (5.11.3)
    multi_json (1.13.1)
    multi_test (0.1.2)
    multi_xml (0.6.0)
    power_assert (1.1.1)
    rack (2.0.5)
    retryable (3.0.1)
    test-unit (3.2.7)
      power_assert

PLATFORMS
  x64-mingw32

DEPENDENCIES
  bugsnag-maze-runner!
  httparty
  retryable

BUNDLED WITH
   1.16.1
